PATH
  remote: .
  specs:
    zarby (0.2.0)

GEM
  remote: https://rubygems.org/
  specs:
    diff-lcs (1.5.1)
    rack (3.1.8)
    rake (13.0.6)
    rspec (3.13.0)
      rspec-core (~> 3.13.0)
      rspec-expectations (~> 3.13.0)
      rspec-mocks (~> 3.13.0)
    rspec-core (3.13.2)
      rspec-support (~> 3.13.0)
    rspec-expectations (3.13.3)
      diff-lcs (>= 1.2.0, < 2.0)
      rspec-support (~> 3.13.0)
    rspec-mocks (3.13.2)
      diff-lcs (>= 1.2.0, < 2.0)
      rspec-support (~> 3.13.0)
    rspec-support (3.13.1)

PLATFORMS
  x86_64-linux

DEPENDENCIES
  rack
  rake (~> 13.0)
  rspec (~> 3.13.0)
  zarby!

BUNDLED WITH
   2.3.26
